GEM
  remote: http://rubygems.org/
  specs:
    chunky_png (1.2.6)
    compass (1.0.3)
      chunky_png (~> 1.2)
      fssm (>= 3.4.16)
      sass (~> 3.1)
    fssm (0.2.9)
    sass (3.4.16)

PLATFORMS
  ruby

DEPENDENCIES
  compass
  sass
